GEM
  remote: https://rubygems.org/
  specs:
    ast (2.3.0)
    aws-sdk (2.8.0)
      aws-sdk-resources (= 2.8.0)
    aws-sdk-core (2.8.0)
      aws-sigv4 (~> 1.0)
      jmespath (~> 1.0)
    aws-sdk-resources (2.8.0)
      aws-sdk-core (= 2.8.0)
    aws-sigv4 (1.0.0)
    coderay (1.1.1)
    commander (4.4.3)
      highline (~> 1.7.2)
    equatable (0.5.0)
    highline (1.7.8)
    humanize-bytes (2.2.0)
    jmespath (1.3.1)
    method_source (0.8.2)
    necromancer (0.3.0)
    netrc (0.11.0)
    parser (2.3.1.2)
      ast (~> 2.2)
    pastel (0.7.1)
      equatable (~> 0.5.0)
      tty-color (~> 0.4.0)
    powerpack (0.1.1)
    pry (0.10.4)
      coderay (~> 1.1.0)
      method_source (~> 0.8.1)
      slop (~> 3.4)
    rainbow (2.1.0)
    rubocop (0.42.0)
      parser (>= 2.3.1.1, < 3.0)
      powerpack (~> 0.1)
      rainbow (>= 1.99.1, < 3.0)
      ruby-progressbar (~> 1.7)
      unicode-display_width (~> 1.0, >= 1.0.1)
    ruby-progressbar (1.8.1)
    slop (3.6.0)
    tty-color (0.4.2)
    tty-screen (0.5.0)
    tty-table (0.7.0)
      equatable (~> 0.5.0)
      necromancer (~> 0.3.0)
      pastel (~> 0.7.0)
      tty-screen (~> 0.5.0)
      unicode-display_width (~> 1.1.0)
      verse (~> 0.5.0)
    unicode-display_width (1.1.1)
    unicode_utils (1.4.0)
    verse (0.5.0)
      unicode-display_width (~> 1.1.0)
      unicode_utils (~> 1.4.0)

PLATFORMS
  ruby

DEPENDENCIES
  aws-sdk
  commander
  humanize-bytes
  netrc
  pry
  rubocop
  tty-table

RUBY VERSION
   ruby 2.4.0p0

BUNDLED WITH
   1.14.6
